GEM
  remote: https://rubygems.org/
  specs:
    coderay (1.1.3)
    faraday (1.3.0)
      faraday-net_http (~> 1.0)
      multipart-post (>= 1.2, < 3)
      ruby2_keywords
    faraday-net_http (1.0.1)
    hanami-api (0.2.0)
      hanami-router (~> 2.0.alpha)
    hanami-router (2.0.0.alpha5)
      mustermann (~> 1.0)
      mustermann-contrib (~> 1.0)
      rack (~> 2.0)
    hansi (0.2.0)
    method_source (1.0.0)
    mini_portile2 (2.6.1)
    multipart-post (2.1.1)
    mustermann (1.1.1)
      ruby2_keywords (~> 0.0.1)
    mustermann-contrib (1.1.1)
      hansi (~> 0.2.0)
      mustermann (= 1.1.1)
    nio4r (2.5.8)
    nokogiri (1.12.4)
      mini_portile2 (~> 2.6.1)
      racc (~> 1.4)
    pry (0.14.0)
      coderay (~> 1.1)
      method_source (~> 1.0)
    puma (5.4.0)
      nio4r (~> 2.0)
    racc (1.5.2)
    rack (2.2.3)
    ruby2_keywords (0.0.4)
    zeitwerk (2.4.2)

PLATFORMS
  ruby

DEPENDENCIES
  faraday (~> 1.3.0)
  hanami-api (~> 0.2.0)
  nokogiri (~> 1.12.4)
  pry (~> 0.14.0)
  puma (~> 5.4.0)
  rack (~> 2.2.3)
  zeitwerk (~> 2.4.2)

RUBY VERSION
   ruby 3.0.2p107

BUNDLED WITH
   2.2.22
