GEM
  remote: https://rubygems.org/
  specs:
    coderay (1.1.3)
    faraday (1.3.0)
      faraday-net_http (~> 1.0)
      multipart-post (>= 1.2, < 3)
      ruby2_keywords
    faraday-net_http (1.0.1)
    method_source (1.0.0)
    multipart-post (2.1.1)
    pry (0.14.0)
      coderay (~> 1.1)
      method_source (~> 1.0)
    ruby2_keywords (0.0.4)
    zeitwerk (2.4.2)

PLATFORMS
  ruby

DEPENDENCIES
  faraday (~> 1.3.0)
  pry (~> 0.14.0)
  zeitwerk (~> 2.4.2)

RUBY VERSION
   ruby 3.0.2p107

BUNDLED WITH
   2.2.22
